GEM
  remote: http://rubygems.org/
  specs:
    exceptional (2.0.15)
    haml (3.0.6)
    hpricot (0.8.2)
    i18n (0.4.1)
    json (1.4.3)
    r18n-core (0.4.7.1)
    rack (1.2.1)
    rack-flash (0.1.1)
      rack
    sinatra (1.0)
      rack (>= 1.0)
    sinatra-r18n (0.4.7.1)
      r18n-core (= 0.4.7.1)

PLATFORMS
  ruby

DEPENDENCIES
  exceptional (= 2.0.15)
  haml (= 3.0.6)
  hpricot (= 0.8.2)
  i18n
  json (= 1.4.3)
  rack-flash (= 0.1.1)
  sinatra (= 1.0.0)
  sinatra-r18n
