GEM
  remote: http://rubygems.org/
  specs:
    backports (2.3.0)
    eventmachine (0.12.10)
    haml (3.1.3)
    hpricot (0.8.4)
    json (1.6.1)
    r18n-core (0.4.11)
    rack (1.3.4)
    rack-flash (0.1.2)
      rack
    rack-protection (1.1.4)
      rack
    rack-test (0.6.1)
      rack (>= 1.0)
    sass (3.1.10)
    sinatra (1.3.1)
      rack (~> 1.3, >= 1.3.4)
      rack-protection (~> 1.1, >= 1.1.2)
      tilt (~> 1.3, >= 1.3.3)
    sinatra-contrib (1.3.1)
      backports (>= 2.0)
      eventmachine
      rack-protection
      rack-test
      sinatra (~> 1.3.0)
      tilt (~> 1.3)
    sinatra-r18n (0.4.11)
      r18n-core (= 0.4.11)
      sinatra (>= 1.3)
    tilt (1.3.3)

PLATFORMS
  ruby

DEPENDENCIES
  haml
  hpricot
  json
  rack-flash
  sass
  sinatra
  sinatra-contrib
  sinatra-r18n
